PATH
  remote: .
  specs:
    capistrano-s3 (0.2.6)
      aws-sdk
      capistrano
      mime-types

GEM
  remote: https://rubygems.org/
  specs:
    aws-sdk (1.8.5)
      json (~> 1.4)
      nokogiri (>= 1.4.4)
      uuidtools (~> 2.1)
    capistrano (2.14.2)
      highline
      net-scp (>= 1.0.0)
      net-sftp (>= 2.0.0)
      net-ssh (>= 2.0.14)
      net-ssh-gateway (>= 1.1.0)
    highline (1.6.16)
    json (1.7.7)
    mime-types (1.22)
    net-scp (1.1.0)
      net-ssh (>= 2.6.5)
    net-sftp (2.1.1)
      net-ssh (>= 2.6.5)
    net-ssh (2.6.6)
    net-ssh-gateway (1.2.0)
      net-ssh (>= 2.6.5)
    nokogiri (1.5.9)
    rake (10.0.4)
    uuidtools (2.1.3)

PLATFORMS
  ruby

DEPENDENCIES
  capistrano-s3!
  rake
