PATH
  remote: .
  specs:
    s3-static-site (0.2.0)
      aws-sdk
      capistrano
      haml

GEM
  remote: http://rubygems.org/
  specs:
    aws-sdk (1.5.7)
      httparty (~> 0.7)
      json (~> 1.4)
      nokogiri (>= 1.4.4)
      uuidtools (~> 2.1)
    capistrano (2.12.0)
      highline
      net-scp (>= 1.0.0)
      net-sftp (>= 2.0.0)
      net-ssh (>= 2.0.14)
      net-ssh-gateway (>= 1.1.0)
    haml (3.1.6)
    highline (1.6.13)
    httparty (0.8.3)
      multi_json (~> 1.0)
      multi_xml
    json (1.7.3)
    multi_json (1.3.6)
    multi_xml (0.5.1)
    net-scp (1.0.4)
      net-ssh (>= 1.99.1)
    net-sftp (2.0.5)
      net-ssh (>= 2.0.9)
    net-ssh (2.5.2)
    net-ssh-gateway (1.1.0)
      net-ssh (>= 1.99.1)
    nokogiri (1.5.5)
    uuidtools (2.1.3)

PLATFORMS
  ruby

DEPENDENCIES
  s3-static-site!
